PATH
  remote: .
  specs:
    jars (0.1.0)
      lock_jar (~> 0.6.0)

GEM
  remote: https://rubygems.org/
  specs:
    diff-lcs (1.1.3)
    lock_jar (0.6.0)
      naether (~> 0.9.0)
      thor (> 0.14.0)
    naether (0.9.2-java)
    rspec (2.9.0)
      rspec-core (~> 2.9.0)
      rspec-expectations (~> 2.9.0)
      rspec-mocks (~> 2.9.0)
    rspec-core (2.9.0)
    rspec-expectations (2.9.1)
      diff-lcs (~> 1.1.3)
    rspec-mocks (2.9.0)
    solr_sail (0.0.7-java)
      lock_jar (~> 0.6.0)
      thor (> 0.14.0)
    thor (0.16.0)

PLATFORMS
  java

DEPENDENCIES
  jars!
  rspec (~> 2.9.0)
  solr_sail (~> 0.0.6)
