PATH
  remote: .
  specs:
    jbundler (0.2.0)
      ruby-maven (= 3.0.4.0.29.0)

GEM
  remote: http://rubygems.org/
  specs:
    builder (3.0.0)
    cucumber (1.1.9)
      builder (>= 2.1.2)
      diff-lcs (>= 1.1.2)
      gherkin (~> 2.9.0)
      json (>= 1.4.6)
      term-ansicolor (>= 1.0.6)
    diff-lcs (1.1.3)
    gherkin (2.9.3-java)
      json (>= 1.4.6)
    json (1.7.3-java)
    maven-tools (0.29.3)
    minitest (2.10.1)
    rake (0.9.2.2)
    ruby-maven (3.0.4.0.29.0)
      maven-tools (~> 0.29.1)
      thor (~> 0.14.6)
    term-ansicolor (1.0.7)
    thor (0.14.6)

PLATFORMS
  java

DEPENDENCIES
  cucumber (~> 1.1.9)
  jbundler!
  minitest (~> 2.10.0)
  rake (= 0.9.2.2)
