PATH
  remote: ../../..
  specs:
    jbundler (0.2.0)
      ruby-maven (= 3.0.4.0.29.0)

PATH
  remote: ../gem_with_jar
  specs:
    gem_with_jar (0.0.0)

GEM
  remote: http://rubygems.org/
  specs:
    maven-tools (0.29.2)
    nokogiri-maven (1.5.0-java)
    ruby-maven (3.0.4.0.29.0)
      thor (~> 0.14.6)
      maven-tools (~> 0.29.1)
    thor (0.14.6)

PLATFORMS
  java

DEPENDENCIES
  gem_with_jar!
  jbundler!
  maven-tools!
  nokogiri-maven
  ruby-maven (= 3.0.4.0.29.0)
